GEM
  remote: https://rubygems.org/
  specs:
    bson (4.15.0)
    json (2.6.2)
    mongo (2.18.1)
      bson (>= 4.14.1, < 5.0.0)
    nio4r (2.5.8)
    puma (6.0.0)
      nio4r (~> 2.0)
    rack (3.0.0)
    roda (3.61.0)
      rack

PLATFORMS
  ruby

DEPENDENCIES
  json
  mongo (~> 2)
  puma
  roda

BUNDLED WITH
   2.1.4
